GEM
  remote: http://rubygems.org/
  specs:
    actionpack (5.2.5)
      actionview (= 5.2.5)
      activesupport (= 5.2.5)
      rack (~> 2.0, >= 2.0.8)
      rack-test (>= 0.6.3)
      rails-dom-testing (~> 2.0)
      rails-html-sanitizer (~> 1.0, >= 1.0.2)
    actionview (5.2.5)
      activesupport (= 5.2.5)
      builder (~> 3.1)
      erubi (~> 1.4)
      rails-dom-testing (~> 2.0)
      rails-html-sanitizer (~> 1.0, >= 1.0.3)
    activemodel (5.2.5)
      activesupport (= 5.2.5)
    activerecord (5.2.5)
      activemodel (= 5.2.5)
      activesupport (= 5.2.5)
      arel (>= 9.0)
    activesupport (5.2.5)
      concurrent-ruby (~> 1.0, >= 1.0.2)
      i18n (>= 0.7, < 2)
      minitest (~> 5.1)
      tzinfo (~> 1.1)
    addressable (2.7.0)
      public_suffix (>= 2.0.2, < 5.0)
    arel (9.0.0)
    autoprefixer-rails (10.2.4.0)
      execjs
    bcrypt (3.1.16)
    bootstrap (4.6.0)
      autoprefixer-rails (>= 9.1.0)
      popper_js (>= 1.14.3, < 2)
      sassc-rails (>= 2.0.0)
    builder (3.2.4)
    coderay (1.1.3)
    concurrent-ruby (1.1.8)
    crass (1.0.6)
    css_parser (1.9.0)
      addressable
    daemons (1.3.1)
    erubi (1.10.0)
    eventmachine (1.2.7)
    execjs (2.7.0)
    ffi (1.15.0)
    httparty (0.18.1)
      mime-types (~> 3.0)
      multi_xml (>= 0.5.2)
    i18n (1.8.10)
      concurrent-ruby (~> 1.0)
    loofah (2.9.1)
      crass (~> 1.0.2)
      nokogiri (>= 1.5.9)
    method_source (1.0.0)
    mime-types (3.3.1)
      mime-types-data (~> 3.2015)
    mime-types-data (3.2021.0225)
    minitest (5.14.4)
    multi_xml (0.6.0)
    mustermann (1.1.1)
      ruby2_keywords (~> 0.0.1)
    nokogiri (1.11.3-x86_64-linux)
      racc (~> 1.4)
    popper_js (1.16.0)
    pry (0.14.1)
      coderay (~> 1.1)
      method_source (~> 1.0)
    public_suffix (4.0.6)
    racc (1.5.2)
    rack (2.2.3)
    rack-protection (2.1.0)
      rack
    rack-test (1.1.0)
      rack (>= 1.0, < 3)
    rails-dom-testing (2.0.3)
      activesupport (>= 4.2.0)
      nokogiri (>= 1.6)
    rails-html-sanitizer (1.3.0)
      loofah (~> 2.3)
    railties (5.2.5)
      actionpack (= 5.2.5)
      activesupport (= 5.2.5)
      method_source
      rake (>= 0.8.7)
      thor (>= 0.19.0, < 2.0)
    rake (13.0.3)
    require_all (3.0.0)
    ruby2_keywords (0.0.4)
    sassc (2.4.0)
      ffi (~> 1.9)
    sassc-rails (2.1.2)
      railties (>= 4.0.0)
      sassc (>= 2.0)
      sprockets (> 3.0)
      sprockets-rails
      tilt
    shotgun (0.9.2)
      rack (>= 1.0)
    sinatra (2.1.0)
      mustermann (~> 1.0)
      rack (~> 2.2)
      rack-protection (= 2.1.0)
      tilt (~> 2.0)
    sinatra-activerecord (2.0.22)
      activerecord (>= 4.1)
      sinatra (>= 1.0)
    sprockets (4.0.2)
      concurrent-ruby (~> 1.0)
      rack (> 1, < 3)
    sprockets-rails (3.2.2)
      actionpack (>= 4.0)
      activesupport (>= 4.0)
      sprockets (>= 3.0.0)
    sqlite3 (1.3.13)
    thin (1.8.0)
      daemons (~> 1.0, >= 1.0.9)
      eventmachine (~> 1.0, >= 1.0.4)
      rack (>= 1, < 3)
    thor (1.1.0)
    thread_safe (0.3.6)
    tilt (2.0.10)
    tzinfo (1.2.9)
      thread_safe (~> 0.1)

PLATFORMS
  x86_64-linux

DEPENDENCIES
  activerecord (~> 5.1, >= 5.1.5)
  bcrypt
  bootstrap
  css_parser
  httparty
  pry
  rake
  require_all
  shotgun
  sinatra (~> 2.0)
  sinatra-activerecord (~> 2.0, >= 2.0.13)
  sqlite3 (~> 1.3.6)
  thin

BUNDLED WITH
   2.2.4
